PATH
  remote: .
  specs:
    contacts (0.1.0)

GEM
  remote: https://rubygems.org/
  specs:
    minitest (5.14.4)
    rake (13.0.6)
    thor (1.1.0)

PLATFORMS
  x86_64-linux

DEPENDENCIES
  contacts!
  minitest (~> 5.0)
  rake (~> 13.0)
  thor (~> 1.1)

BUNDLED WITH
   2.2.24
